PATH
  remote: ../simplemvc-gem
  specs:
    simplemvc (0.0.1)
      erubis
      rack
      sqlite3

GEM
  remote: https://rubygems.org/
  specs:
    erubis (2.7.0)
    rack (2.0.3)
    sqlite3 (1.3.13)

PLATFORMS
  ruby

DEPENDENCIES
  simplemvc!
  sqlite3 (= 1.3.13)

BUNDLED WITH
   1.15.1
